GEM
  remote: https://rubygems.org/
  specs:
    httpclient (2.3.4.1)
    json (1.8.0)
    metaclass (0.0.1)
    mocha (0.14.0)
      metaclass (~> 0.0.1)
    multi_json (1.7.9)
    neography (1.1.2)
      httpclient (>= 2.3.3)
      json (>= 1.7.7)
      multi_json (>= 1.3.2)
      os (>= 0.9.6)
      rubyzip (>= 0.9.7)
    newrelic_rpm (3.6.6.147)
    os (0.9.6)
    puma (2.5.1)
      rack (>= 1.1, < 2.0)
    rack (1.5.2)
    rack-protection (1.5.0)
      rack
    rack-test (0.6.2)
      rack (>= 1.0)
    rake (10.1.0)
    rubyzip (0.9.9)
    sinatra (1.4.3)
      rack (~> 1.4)
      rack-protection (~> 1.4)
      tilt (~> 1.3, >= 1.3.4)
    test-unit (2.5.5)
    tilt (1.4.1)

PLATFORMS
  ruby
  x86-mingw32

DEPENDENCIES
  mocha
  neography
  newrelic_rpm
  puma
  rack-test
  rake
  sinatra
  test-unit
